PATH
  remote: .
  specs:
    sensu-plugin (0.2.1)
      json
      mixlib-cli (>= 1.1.0)

GEM
  remote: https://rubygems.org/
  specs:
    json (1.8.1)
    minitest (5.0.8)
    mixlib-cli (1.3.0)
    rake (10.1.0)

PLATFORMS
  ruby

DEPENDENCIES
  minitest
  rake
  sensu-plugin!
